GEM
  remote: https://rubygems.org/
  specs:
    ansi (1.5.0)
    chronic (0.10.2)
    papertrail (0.11.0)
      ansi (~> 1.5)
      chronic (~> 0.10)

PLATFORMS
  ruby

DEPENDENCIES
  papertrail

RUBY VERSION
   ruby 2.7.1p83

BUNDLED WITH
   2.1.4